GEM
  remote: https://rubygems.org/
  specs:
    wit (1.0.5)

PLATFORMS
  ruby

DEPENDENCIES
  wit
